GEM
  remote: https://rubygems.org/
  remote: https://gemsrv.qutic.net/
  specs:
    anemone (0.7.3)
      nokogiri (>= 1.3.0)
      robotex (>= 1.0.0)
    connection_pool (2.2.2)
    dotenv (2.5.0)
    mail (2.7.1)
      mini_mime (>= 0.1.1)
    mini_mime (1.0.1)
    mini_portile2 (2.3.0)
    mustermann (1.0.3)
    nokogiri (1.8.5)
      mini_portile2 (~> 2.3.0)
    pony (1.12)
      mail (>= 2.0)
    rack (2.0.6)
    rack-protection (2.0.4)
      rack
    redis (4.0.3)
    robotex (1.0.0)
    sidekiq (5.2.3)
      connection_pool (~> 2.2, >= 2.2.2)
      rack-protection (>= 1.5.0)
      redis (>= 3.3.5, < 5)
    sinatra (2.0.4)
      mustermann (~> 1.0)
      rack (~> 2.0)
      rack-protection (= 2.0.4)
      tilt (~> 2.0)
    tilt (2.0.8)

PLATFORMS
  ruby

DEPENDENCIES
  anemone!
  dotenv!
  pony!
  sidekiq!
  sinatra!
  tilt!

RUBY VERSION
   ruby 2.5.3p105

BUNDLED WITH
   1.16.6
