GEM
  remote: https://rubygems.org/
  remote: https://gemsrv.qutic.net/
  specs:
    anemone (0.8.3)
      nokogiri (>= 1.6.6.2)
      robotex (>= 1.0.0)
    connection_pool (2.2.2)
    dotenv (2.7.2)
    mail (2.7.1)
      mini_mime (>= 0.1.1)
    mini_mime (1.0.1)
    mini_portile2 (2.4.0)
    mustermann (1.0.3)
    nokogiri (1.10.3)
      mini_portile2 (~> 2.4.0)
    pony (1.13.1)
      mail (>= 2.0)
    rack (2.0.7)
    rack-protection (2.0.5)
      rack
    redis (4.1.0)
    robotex (1.0.0)
    sidekiq (5.2.7)
      connection_pool (~> 2.2, >= 2.2.2)
      rack (>= 1.5.0)
      rack-protection (>= 1.5.0)
      redis (>= 3.3.5, < 5)
    sinatra (2.0.5)
      mustermann (~> 1.0)
      rack (~> 2.0)
      rack-protection (= 2.0.5)
      tilt (~> 2.0)
    tilt (2.0.9)

PLATFORMS
  ruby

DEPENDENCIES
  anemone!
  dotenv!
  pony!
  sidekiq!
  sinatra!
  tilt!

RUBY VERSION
   ruby 2.5.3p105

BUNDLED WITH
   1.17.3
