GEM
  remote: https://rubygems.org/
  remote: https://qsm01-gemsrv.qutic.net/
  specs:
    anemone (0.8.3)
      nokogiri (>= 1.6.6.2)
      robotex (>= 1.0.0)
    connection_pool (2.2.2)
    dotenv (2.7.5)
    mail (2.7.1)
      mini_mime (>= 0.1.1)
    mini_mime (1.0.2)
    mini_portile2 (2.4.0)
    mustermann (1.0.3)
    nokogiri (1.10.5)
      mini_portile2 (~> 2.4.0)
    pony (1.13.1)
      mail (>= 2.0)
    rack (2.0.7)
    rack-protection (2.0.7)
      rack
    redis (4.1.3)
    robotex (1.0.0)
    sidekiq (5.2.7)
      connection_pool (~> 2.2, >= 2.2.2)
      rack (>= 1.5.0)
      rack-protection (>= 1.5.0)
      redis (>= 3.3.5, < 5)
    sinatra (2.0.7)
      mustermann (~> 1.0)
      rack (~> 2.0)
      rack-protection (= 2.0.7)
      tilt (~> 2.0)
    tilt (2.0.10)

PLATFORMS
  ruby

DEPENDENCIES
  anemone!
  dotenv!
  pony!
  sidekiq (= 5.2.7)!
  sinatra!
  tilt!

RUBY VERSION
   ruby 2.5.5p157

BUNDLED WITH
   1.17.3
