GEM
  remote: https://rubygems.org/
  remote: https://gemsrv.qutic.net/
  specs:
    anemone (0.8.3)
      nokogiri (>= 1.6.6.2)
      robotex (>= 1.0.0)
    connection_pool (2.2.5)
    dotenv (2.7.6)
    mail (2.7.1)
      mini_mime (>= 0.1.1)
    mini_mime (1.1.0)
    mini_portile2 (2.5.1)
    mustermann (1.1.1)
      ruby2_keywords (~> 0.0.1)
    nokogiri (1.11.5)
      mini_portile2 (~> 2.5.0)
      racc (~> 1.4)
    pony (1.13.1)
      mail (>= 2.0)
    racc (1.5.2)
    rack (2.2.3)
    rack-protection (2.1.0)
      rack
    redis (4.2.5)
    robotex (1.0.0)
    ruby2_keywords (0.0.4)
    sidekiq (5.2.7)
      connection_pool (~> 2.2, >= 2.2.2)
      rack (>= 1.5.0)
      rack-protection (>= 1.5.0)
      redis (>= 3.3.5, < 5)
    sinatra (2.1.0)
      mustermann (~> 1.0)
      rack (~> 2.2)
      rack-protection (= 2.1.0)
      tilt (~> 2.0)
    tilt (2.0.10)

PLATFORMS
  ruby

DEPENDENCIES
  anemone!
  dotenv!
  pony!
  sidekiq (= 5.2.7)!
  sinatra!
  tilt!

RUBY VERSION
   ruby 2.5.5p157

BUNDLED WITH
   1.17.3
